GIT
  remote: git://github.com/mongoid/mongoid.git
  revision: 50b633c8baf2fa467e8c36b18a013a2cd50e0454
  specs:
    mongoid (4.0.0)
      activemodel (~> 4.0)
      moped (~> 2.0.0)
      origin (~> 2.1)
      tzinfo (>= 0.3.37)

GEM
  remote: http://rubygems.org/
  specs:
    actionmailer (4.1.2)
      actionpack (= 4.1.2)
      actionview (= 4.1.2)
      mail (~> 2.5.4)
    actionpack (4.1.2)
      actionview (= 4.1.2)
      activesupport (= 4.1.2)
      rack (~> 1.5.2)
      rack-test (~> 0.6.2)
    actionview (4.1.2)
      activesupport (= 4.1.2)
      builder (~> 3.1)
      erubis (~> 2.7.0)
    active_attr (0.8.3)
      activemodel (>= 3.0.2, < 4.2)
      activesupport (>= 3.0.2, < 4.2)
    activemodel (4.1.2)
      activesupport (= 4.1.2)
      builder (~> 3.1)
    activerecord (4.1.2)
      activemodel (= 4.1.2)
      activesupport (= 4.1.2)
      arel (~> 5.0.0)
    activesupport (4.1.2)
      i18n (~> 0.6, >= 0.6.9)
      json (~> 1.7, >= 1.7.7)
      minitest (~> 5.1)
      thread_safe (~> 0.1)
      tzinfo (~> 1.1)
    arel (5.0.1.20140414130214)
    better_errors (1.1.0)
      coderay (>= 1.0.0)
      erubis (>= 2.6.6)
    binding_of_caller (0.7.2)
      debug_inspector (>= 0.0.1)
    bson (2.3.0)
    builder (3.2.2)
    callsite (0.0.11)
    capybara (2.3.0)
      mime-types (>= 1.16)
      nokogiri (>= 1.3.3)
      rack (>= 1.0.0)
      rack-test (>= 0.5.4)
      xpath (~> 2.0)
    chronic (0.10.2)
    coderay (1.1.0)
    coffee-rails (4.0.1)
      coffee-script (>= 2.2.0)
      railties (>= 4.0.0, < 5.0)
    coffee-script (2.2.0)
      coffee-script-source
      execjs
    coffee-script-source (1.7.0)
    connection_pool (2.0.0)
    cucumber (1.3.15)
      builder (>= 2.1.2)
      diff-lcs (>= 1.1.3)
      gherkin (~> 2.12)
      multi_json (>= 1.7.5, < 2.0)
      multi_test (>= 0.1.1)
    cucumber-rails (1.4.1)
      capybara (>= 1.1.2, < 3)
      cucumber (>= 1.3.8, < 2)
      mime-types (~> 1.16)
      nokogiri (~> 1.5)
      rails (>= 3, < 5)
    database_cleaner (1.3.0)
    debug_inspector (0.0.2)
    diff-lcs (1.2.5)
    dye (0.1.4)
    erubis (2.7.0)
    execjs (2.2.1)
    factory_girl (4.3.0)
      activesupport (>= 3.0.0)
    factory_girl_rails (4.3.0)
      factory_girl (~> 4.3.0)
      railties (>= 3.0.0)
    flex (1.0.6)
      dye (~> 0.1.4)
      multi_json (>= 1.3.4)
      progressbar (= 0.12.0)
    flex-models (1.0.6)
      active_attr (>= 0.6.0)
      flex (= 1.0.6)
      flex-scopes (= 1.0.6)
    flex-rails (1.0.6)
      flex (= 1.0.6)
      flex-models (= 1.0.6)
      prompter (~> 0.1.5)
      rails (>= 2.0)
    flex-scopes (1.0.6)
      flex (= 1.0.6)
    gherkin (2.12.2)
      multi_json (~> 1.3)
    hike (1.2.3)
    i18n (0.6.9)
    jbuilder (2.1.1)
      activesupport (>= 3.0.0, < 5)
      multi_json (~> 1.2)
    jquery-rails (3.1.1)
      railties (>= 3.0, < 5.0)
      thor (>= 0.14, < 2.0)
    json (1.8.1)
    mail (2.5.4)
      mime-types (~> 1.16)
      treetop (~> 1.4.8)
    meta_request (0.3.0)
      callsite
      rack-contrib
      railties
    method_source (0.8.2)
    mime-types (1.25.1)
    mini_portile (0.6.0)
    minitest (5.3.5)
    money (5.1.1)
      i18n (~> 0.6.0)
    mongoid-rspec (1.10.0)
      mongoid (>= 3.0.1)
      rake
      rspec (>= 2.14)
    moped (2.0.0)
      bson (~> 2.2)
      connection_pool (~> 2.0)
      optionable (~> 0.2.0)
    multi_json (1.10.1)
    multi_test (0.1.1)
    nokogiri (1.6.2.1)
      mini_portile (= 0.6.0)
    optionable (0.2.0)
    origin (2.1.1)
    patron (0.4.18)
    polyglot (0.3.5)
    progressbar (0.12.0)
    prompter (0.1.6)
      dye (>= 0.1.1)
      yard (>= 0.6.3)
    pry (0.10.0)
      coderay (~> 1.1.0)
      method_source (~> 0.8.1)
      slop (~> 3.4)
    rack (1.5.2)
    rack-contrib (1.1.0)
      rack (>= 0.9.1)
    rack-test (0.6.2)
      rack (>= 1.0)
    railroady (1.1.1)
    rails (4.1.2)
      actionmailer (= 4.1.2)
      actionpack (= 4.1.2)
      actionview (= 4.1.2)
      activemodel (= 4.1.2)
      activerecord (= 4.1.2)
      activesupport (= 4.1.2)
      bundler (>= 1.3.0, < 2.0)
      railties (= 4.1.2)
      sprockets-rails (~> 2.0)
    railties (4.1.2)
      actionpack (= 4.1.2)
      activesupport (= 4.1.2)
      rake (>= 0.8.7)
      thor (>= 0.18.1, < 2.0)
    rake (10.3.2)
    rdoc (4.1.1)
      json (~> 1.4)
    redis (3.0.6)
    rest-client (1.6.7)
      mime-types (>= 1.16)
    rspec (3.0.0)
      rspec-core (~> 3.0.0)
      rspec-expectations (~> 3.0.0)
      rspec-mocks (~> 3.0.0)
    rspec-core (3.0.3)
      rspec-support (~> 3.0.0)
    rspec-expectations (3.0.3)
      diff-lcs (>= 1.2.0, < 2.0)
      rspec-support (~> 3.0.0)
    rspec-mocks (3.0.3)
      rspec-support (~> 3.0.0)
    rspec-rails (3.0.2)
      actionpack (>= 3.0)
      activesupport (>= 3.0)
      railties (>= 3.0)
      rspec-core (~> 3.0.0)
      rspec-expectations (~> 3.0.0)
      rspec-mocks (~> 3.0.0)
      rspec-support (~> 3.0.0)
    rspec-support (3.0.3)
    sass (3.2.19)
    sass-rails (4.0.3)
      railties (>= 4.0.0, < 5.0)
      sass (~> 3.2.0)
      sprockets (~> 2.8, <= 2.11.0)
      sprockets-rails (~> 2.0)
    sdoc (0.4.0)
      json (~> 1.8)
      rdoc (~> 4.0, < 5.0)
    slop (3.5.0)
    spring (1.1.3)
    sprockets (2.11.0)
      hike (~> 1.2)
      multi_json (~> 1.0)
      rack (~> 1.0)
      tilt (~> 1.1, != 1.3.0)
    sprockets-rails (2.1.3)
      actionpack (>= 3.0)
      activesupport (>= 3.0)
      sprockets (~> 2.8)
    thor (0.19.1)
    thread_safe (0.3.4)
    tilt (1.4.1)
    treetop (1.4.15)
      polyglot
      polyglot (>= 0.3.1)
    turbolinks (2.2.2)
      coffee-rails
    tzinfo (1.2.1)
      thread_safe (~> 0.1)
    uglifier (2.5.1)
      execjs (>= 0.3.0)
      json (>= 1.8.0)
    whenever (0.9.2)
      activesupport (>= 2.3.4)
      chronic (>= 0.6.3)
    wisper (1.3.0)
    xpath (2.0.0)
      nokogiri (~> 1.3)
    yard (0.8.7.4)

PLATFORMS
  ruby

DEPENDENCIES
  better_errors
  binding_of_caller
  coffee-rails (~> 4.0.0)
  cucumber-rails
  database_cleaner
  factory_girl_rails (~> 4.0)
  flex-rails
  jbuilder (~> 2.0)
  jquery-rails
  meta_request
  money
  mongoid!
  mongoid-rspec
  patron
  pry
  railroady
  rails (= 4.1.2)
  redis
  rest-client
  rspec
  rspec-rails (~> 3.0.0)
  sass-rails (~> 4.0.3)
  sdoc (~> 0.4.0)
  spring
  turbolinks
  uglifier (>= 1.3.0)
  whenever
  wisper
